GEM
  remote: http://rubygems.org/
  specs:
    RedCloth (4.2.3)
    activesupport (2.1.2)
    builder (2.1.2)
    classifier (1.3.1)
      stemmer (>= 1.0.0)
    cucumber (0.8.3)
      builder (~> 2.1.2)
      diff-lcs (~> 1.1.2)
      gherkin (~> 2.0.2)
      json_pure (~> 1.4.3)
      term-ansicolor (~> 1.0.4)
    diff-lcs (1.1.2)
    directory_watcher (1.3.2)
    gemcutter (0.7.1)
    gherkin (2.0.2)
      trollop (~> 1.16.2)
    git (1.2.5)
    haml (3.0.13)
    jeweler (1.4.0)
      gemcutter (>= 0.1.0)
      git (>= 1.2.5)
      rubyforge (>= 2.0.0)
    json_pure (1.4.3)
    liquid (2.0.0)
    maruku (0.6.0)
      syntax (>= 1.0.0)
    open4 (1.0.1)
    rake (0.8.7)
    rdiscount (1.6.5)
    rdoc (2.5.8)
    redgreen (1.2.2)
    rr (0.10.11)
    rspec (2.8.0)
      rspec-core (~> 2.8.0)
      rspec-expectations (~> 2.8.0)
      rspec-mocks (~> 2.8.0)
    rspec-core (2.8.0)
    rspec-expectations (2.8.0)
      diff-lcs (~> 1.1.2)
    rspec-mocks (2.8.0)
    rubyforge (2.0.4)
      json_pure (>= 1.1.7)
    shoulda (2.11.1)
    stemmer (1.0.1)
    syntax (1.0.0)
    term-ansicolor (1.0.5)
    trollop (1.16.2)

PLATFORMS
  ruby

DEPENDENCIES
  RedCloth (= 4.2.3)
  activesupport (= 2.1.2)
  builder (= 2.1.2)
  bundler (>= 0.9.26)
  classifier (= 1.3.1)
  cucumber (= 0.8.3)
  diff-lcs (= 1.1.2)
  directory_watcher (= 1.3.2)
  gherkin (= 2.0.2)
  git (= 1.2.5)
  haml (= 3.0.13)
  jeweler (= 1.4.0)
  json_pure (= 1.4.3)
  liquid (= 2.0.0)
  maruku (= 0.6.0)
  open4 (= 1.0.1)
  rake (= 0.8.7)
  rdiscount (= 1.6.5)
  rdoc (= 2.5.8)
  redgreen (= 1.2.2)
  rr (= 0.10.11)
  rspec
  rubyforge (= 2.0.4)
  shoulda (= 2.11.1)
  stemmer (= 1.0.1)
  syntax (= 1.0.0)
  term-ansicolor (= 1.0.5)
  trollop (= 1.16.2)
